PATH
  remote: .
  specs:
    fluent-plugin-riak (0.0.1)
      fluentd (~> 0.10.7)
      riak-client (~> 1.0.0)

GEM
  remote: http://rubygems.org/
  specs:
    beefcake (0.3.7)
    builder (3.1.3)
    cool.io (1.1.0)
      iobuffer (>= 1.0.0)
    fluentd (0.10.27)
      cool.io (~> 1.1.0)
      http_parser.rb (~> 0.5.1)
      json (>= 1.4.3)
      msgpack (~> 0.4.4)
      yajl-ruby (~> 1.0)
    http_parser.rb (0.5.3)
    i18n (0.6.1)
    iobuffer (1.1.2)
    json (1.7.5)
    msgpack (0.4.7)
    multi_json (1.3.6)
    rake (0.9.2.2)
    riak-client (1.0.5)
      beefcake (~> 0.3.7)
      builder (>= 2.1.2)
      i18n (>= 0.4.0)
      multi_json (~> 1.0)
    rr (1.0.4)
    simplecov (0.7.1)
      multi_json (~> 1.0)
      simplecov-html (~> 0.7.1)
    simplecov-html (0.7.1)
    yajl-ruby (1.1.0)

PLATFORMS
  ruby

DEPENDENCIES
  fluent-plugin-riak!
  rake (>= 0.9.2)
  rr (>= 1.0.0)
  simplecov
